GEM
  remote: https://rubygems.org/
  specs:
    needleman_wunsch_aligner (1.1.1)

PLATFORMS
  ruby

DEPENDENCIES
  needleman_wunsch_aligner

BUNDLED WITH
   1.11.2
